GEM
  remote: http://rubygems.org/
  specs:
    blankslate (2.1.2.4)
    colorize (0.5.8)
    csscss (1.3.1)
      colorize
      parslet (~> 1.5)
    parslet (1.5.0)
      blankslate (~> 2.0)

PLATFORMS
  ruby

DEPENDENCIES
  csscss
